PATH
  remote: .
  specs:
    harpy (0.2.0)
      activemodel (>= 3.1.0)
      activesupport (>= 3.1.0)
      hash-deep-merge (~> 0.1.1)
      typhoeus (~> 0.2.4)
      yajl-ruby (~> 0.8.2)

GEM
  remote: http://rubygems.org/
  specs:
    activemodel (3.1.0)
      activesupport (= 3.1.0)
      bcrypt-ruby (~> 3.0.0)
      builder (~> 3.0.0)
      i18n (~> 0.6)
    activesupport (3.1.0)
      multi_json (~> 1.0)
    bcrypt-ruby (3.0.1)
    builder (3.0.0)
    diff-lcs (1.1.3)
    hash-deep-merge (0.1.1)
    i18n (0.6.0)
    mime-types (1.16)
    multi_json (1.0.3)
    mustache (0.99.4)
    rake (0.8.7)
    redcarpet (1.17.2)
    rocco (0.8.2)
      mustache
      redcarpet
    rspec (2.6.0)
      rspec-core (~> 2.6.0)
      rspec-expectations (~> 2.6.0)
      rspec-mocks (~> 2.6.0)
    rspec-core (2.6.4)
    rspec-expectations (2.6.0)
      diff-lcs (~> 1.1.2)
    rspec-mocks (2.6.0)
    typhoeus (0.2.4)
      mime-types
      mime-types
    yajl-ruby (0.8.3)

PLATFORMS
  java
  ruby

DEPENDENCIES
  harpy!
  rake (~> 0.8.7)
  rocco (~> 0.7)
  rspec (~> 2.6.0)
