PATH
  remote: .
  specs:
    harpy (0.4.2)
      activemodel (>= 3.1.0)
      activesupport (>= 3.1.0)
      hash-deep-merge (~> 0.1.1)
      typhoeus (~> 0.3.3)
      yajl-ruby (~> 1.1.0)

GEM
  remote: http://rubygems.org/
  specs:
    activemodel (3.2.5)
      activesupport (= 3.2.5)
      builder (~> 3.0.0)
    activesupport (3.2.5)
      i18n (~> 0.6)
      multi_json (~> 1.0)
    builder (3.0.0)
    diff-lcs (1.1.3)
    hash-deep-merge (0.1.1)
    i18n (0.6.0)
    mime-types (1.18)
    multi_json (1.3.6)
    mustache (0.99.4)
    rake (0.9.2.2)
    redcarpet (2.1.0)
    rocco (0.8.2)
      mustache
      redcarpet
    rspec (2.6.0)
      rspec-core (~> 2.6.0)
      rspec-expectations (~> 2.6.0)
      rspec-mocks (~> 2.6.0)
    rspec-core (2.6.4)
    rspec-expectations (2.6.0)
      diff-lcs (~> 1.1.2)
    rspec-mocks (2.6.0)
    typhoeus (0.3.3)
      mime-types
    yajl-ruby (1.1.0)

PLATFORMS
  ruby

DEPENDENCIES
  harpy!
  rake (>= 0.8.7)
  rocco (~> 0.7)
  rspec (~> 2.6.0)
